GEM
  remote: https://rubygems.org/
  specs:
    addressable (2.8.7)
      public_suffix (>= 2.0.2, < 7.0)
    builder (3.3.0)
    daemons (1.4.1)
    date (3.4.1)
    dotenv (3.1.8)
    em-websocket (0.3.8)
      addressable (>= 2.1.1)
      eventmachine (>= 0.12.9)
    eventmachine (1.2.7)
    mail (2.8.1)
      mini_mime (>= 0.1.1)
      net-imap
      net-pop
      net-smtp
    mini_mime (1.1.5)
    net-imap (0.5.10)
      date
      net-protocol
    net-pop (0.1.2)
      net-protocol
    net-protocol (0.2.2)
      timeout
    net-smtp (0.5.1)
      net-protocol
    pony (1.13.1)
      mail (>= 2.0)
    public_suffix (6.0.2)
    rack (2.2.16)
    redcarpet (3.6.1)
    sinatra (1.0)
      rack (>= 1.0)
    sinatra-websocket (0.3.1)
      em-websocket (~> 0.3.6)
      eventmachine
      thin (>= 1.3.1, < 2.0.0)
    thin (1.8.2)
      daemons (~> 1.0, >= 1.0.9)
      eventmachine (~> 1.0, >= 1.0.4)
      rack (>= 1, < 3)
    timeout (0.4.3)

PLATFORMS
  aarch64-linux
  ruby

DEPENDENCIES
  builder
  dotenv
  pony
  redcarpet
  sinatra
  sinatra-websocket
  thin

RUBY VERSION
   ruby 3.3.0p0

BUNDLED WITH
   2.5.3
